GEM
  remote: https://rubygems.org/
  specs:
    net-ssh (3.0.2)
    thor (0.19.1)

PLATFORMS
  ruby

DEPENDENCIES
  net-ssh
  thor

BUNDLED WITH
   1.11.2
